PATH
  remote: .
  specs:
    popolo (0.0.2)
      inherited_resources (~> 1.3.1)
      mongoid (~> 3.1.4)
      mongoid-tree (~> 1.0.4)
      rails (~> 3.2.16)

GEM
  remote: http://rubygems.org/
  specs:
    actionmailer (3.2.16)
      actionpack (= 3.2.16)
      mail (~> 2.5.4)
    actionpack (3.2.16)
      activemodel (= 3.2.16)
      activesupport (= 3.2.16)
      builder (~> 3.0.0)
      erubis (~> 2.7.0)
      journey (~> 1.0.4)
      rack (~> 1.4.5)
      rack-cache (~> 1.2)
      rack-test (~> 0.6.1)
      sprockets (~> 2.2.1)
    activemodel (3.2.16)
      activesupport (= 3.2.16)
      builder (~> 3.0.0)
    activerecord (3.2.16)
      activemodel (= 3.2.16)
      activesupport (= 3.2.16)
      arel (~> 3.0.2)
      tzinfo (~> 0.3.29)
    activeresource (3.2.16)
      activemodel (= 3.2.16)
      activesupport (= 3.2.16)
    activesupport (3.2.16)
      i18n (~> 0.6, >= 0.6.4)
      multi_json (~> 1.0)
    arel (3.0.3)
    brakeman (1.8.1)
      activesupport
      erubis (~> 2.6)
      fastercsv (~> 1.5)
      haml (~> 3.0)
      highline (~> 1.6)
      i18n
      json_pure
      ruby2ruby (~> 1.2)
      ruby_parser (= 2.3.1)
      sass (~> 3.0)
      terminal-table (~> 1.4)
    builder (3.0.4)
    childprocess (0.3.5)
      ffi (~> 1.0, >= 1.0.6)
    colorize (0.5.8)
    coveralls (0.6.7)
      colorize
      multi_json (~> 1.3)
      rest-client
      simplecov (>= 0.7)
      thor
    database_cleaner (0.9.1)
    diff-lcs (1.1.3)
    erubis (2.7.0)
    factory_girl (4.1.0)
      activesupport (>= 3.0.0)
    factory_girl_rails (4.1.0)
      factory_girl (~> 4.1.0)
      railties (>= 3.0.0)
    fastercsv (1.5.5)
    ffi (1.1.5)
    guard (1.4.0)
      listen (>= 0.4.2)
      thor (>= 0.14.6)
    guard-brakeman (0.5.0)
      brakeman (>= 1.5.3)
      guard (>= 1.1.0)
    guard-bundler (1.0.0)
      bundler (~> 1.0)
      guard (~> 1.1)
    guard-rspec (2.1.0)
      guard (>= 1.1)
      rspec (~> 2.11)
    guard-spork (1.2.0)
      childprocess
      guard (>= 1.1)
      spork (>= 0.8.4)
      sys-proctable
    haml (3.1.7)
    has_scope (0.5.1)
    highline (1.6.15)
    hike (1.2.3)
    i18n (0.6.9)
    inherited_resources (1.3.1)
      has_scope (~> 0.5.0)
      responders (~> 0.6)
    journey (1.0.4)
    json (1.8.1)
    json_pure (1.7.5)
    listen (0.5.2)
    mail (2.5.4)
      mime-types (~> 1.16)
      treetop (~> 1.4.8)
    mime-types (1.25.1)
    mongoid (3.1.6)
      activemodel (~> 3.2)
      moped (~> 1.4)
      origin (~> 1.0)
      tzinfo (~> 0.3.29)
    mongoid-rspec (1.5.5)
      mongoid (>= 3.0.1)
      rake
      rspec (>= 2.9)
    mongoid-tree (1.0.4)
      mongoid (>= 3.0, <= 4.0)
    moped (1.5.1)
    multi_json (1.8.2)
    origin (1.1.0)
    polyglot (0.3.3)
    rack (1.4.5)
    rack-cache (1.2)
      rack (>= 0.4)
    rack-ssl (1.3.3)
      rack
    rack-test (0.6.2)
      rack (>= 1.0)
    rails (3.2.16)
      actionmailer (= 3.2.16)
      actionpack (= 3.2.16)
      activerecord (= 3.2.16)
      activeresource (= 3.2.16)
      activesupport (= 3.2.16)
      bundler (~> 1.0)
      railties (= 3.2.16)
    railties (3.2.16)
      actionpack (= 3.2.16)
      activesupport (= 3.2.16)
      rack-ssl (~> 1.3.2)
      rake (>= 0.8.7)
      rdoc (~> 3.4)
      thor (>= 0.14.6, < 2.0)
    rake (10.1.0)
    rb-fsevent (0.9.2)
    rdoc (3.12.2)
      json (~> 1.4)
    responders (0.9.3)
      railties (~> 3.1)
    rest-client (1.6.7)
      mime-types (>= 1.16)
    rspec (2.11.0)
      rspec-core (~> 2.11.0)
      rspec-expectations (~> 2.11.0)
      rspec-mocks (~> 2.11.0)
    rspec-core (2.11.1)
    rspec-expectations (2.11.3)
      diff-lcs (~> 1.1.3)
    rspec-mocks (2.11.3)
    rspec-rails (2.11.0)
      actionpack (>= 3.0)
      activesupport (>= 3.0)
      railties (>= 3.0)
      rspec (~> 2.11.0)
    ruby2ruby (1.3.1)
      ruby_parser (~> 2.0)
      sexp_processor (~> 3.0)
    ruby_parser (2.3.1)
      sexp_processor (~> 3.0)
    sass (3.2.1)
    sexp_processor (3.2.0)
    simplecov (0.7.1)
      multi_json (~> 1.0)
      simplecov-html (~> 0.7.1)
    simplecov-html (0.7.1)
    spork (1.0.0rc3)
    spork-rails (3.2.0)
      rails (>= 3.0.0, < 3.3.0)
      spork (>= 1.0rc0)
    sprockets (2.2.2)
      hike (~> 1.2)
      multi_json (~> 1.0)
      rack (~> 1.0)
      tilt (~> 1.1, != 1.3.0)
    sys-proctable (0.9.1)
    terminal-table (1.4.5)
    thor (0.18.1)
    tilt (1.4.1)
    treetop (1.4.15)
      polyglot
      polyglot (>= 0.3.1)
    tzinfo (0.3.38)

PLATFORMS
  ruby

DEPENDENCIES
  coveralls
  database_cleaner (~> 0.9)
  factory_girl_rails (~> 4.1)
  guard-brakeman (~> 0.5)
  guard-bundler (~> 1.0)
  guard-rspec (~> 2.1)
  guard-spork (~> 1.2)
  mongoid-rspec (~> 1.5)
  popolo!
  rb-fsevent (~> 0.9)
  rspec-rails (~> 2.11)
  spork-rails (~> 3.2)
